PATH
  remote: .
  specs:
    pxdoppelganger (0.1.0)

GEM
  remote: https://rubygems.org/
  specs:
    chunky_png (1.3.4)
    diff-lcs (1.2.5)
    oily_png (1.2.0)
      chunky_png (~> 1.3.1)
    rspec (3.3.0)
      rspec-core (~> 3.3.0)
      rspec-expectations (~> 3.3.0)
      rspec-mocks (~> 3.3.0)
    rspec-core (3.3.2)
      rspec-support (~> 3.3.0)
    rspec-expectations (3.3.1)
      diff-lcs (>= 1.2.0, < 2.0)
      rspec-support (~> 3.3.0)
    rspec-mocks (3.3.2)
      diff-lcs (>= 1.2.0, < 2.0)
      rspec-support (~> 3.3.0)
    rspec-support (3.3.0)

PLATFORMS
  ruby

DEPENDENCIES
  chunky_png
  oily_png
  pxdoppelganger!
  rspec

BUNDLED WITH
   1.10.5
